GEM
  remote: https://rubygems.org/
  specs:
    celluloid (0.17.3)
      celluloid-essentials
      celluloid-extras
      celluloid-fsm
      celluloid-pool
      celluloid-supervision
      timers (>= 4.1.1)
    celluloid-essentials (0.20.5)
      timers (>= 4.1.1)
    celluloid-extras (0.20.5)
      timers (>= 4.1.1)
    celluloid-fsm (0.20.5)
      timers (>= 4.1.1)
    celluloid-pool (0.20.5)
      timers (>= 4.1.1)
    celluloid-supervision (0.20.5)
      timers (>= 4.1.1)
    eventmachine (1.2.0.1)
    eventmachine (1.2.0.1-java)
    hitimes (1.2.4)
    hitimes (1.2.4-java)
    json (2.3.0)
    json (2.3.0-java)
    serialport (1.3.1)
    timers (4.1.1)
      hitimes
    websocket (1.2.3)
    websocket-eventmachine-base (1.2.0)
      eventmachine (~> 1.0)
      websocket (~> 1.0)
      websocket-native (~> 1.0)
    websocket-eventmachine-server (1.0.1)
      websocket-eventmachine-base (~> 1.0)
    websocket-native (1.0.0)
    websocket-native (1.0.0-java)

PLATFORMS
  java
  ruby

DEPENDENCIES
  celluloid
  json
  serialport
  websocket-eventmachine-server

RUBY VERSION
   ruby 2.3.0p0

BUNDLED WITH
   1.12.4
